GEM
  remote: https://rubygems.org/
  specs:
    backports (3.10.3)
    coderay (1.1.2)
    faraday (0.12.2)
      multipart-post (>= 1.2, < 3)
    hashie (3.5.6)
    jwt (1.5.6)
    method_source (0.9.0)
    multi_json (1.12.2)
    multi_xml (0.6.0)
    multipart-post (2.0.0)
    mustermann (1.0.1)
    mysql2 (0.4.9)
    mysql2-cs-bind (0.0.6)
      mysql2
    oauth2 (1.4.0)
      faraday (>= 0.8, < 0.13)
      jwt (~> 1.0)
      multi_json (~> 1.3)
      multi_xml (~> 0.5)
      rack (>= 1.2, < 3)
    omniauth (1.7.1)
      hashie (>= 3.4.6, < 3.6.0)
      rack (>= 1.6.2, < 3)
    omniauth-oauth2 (1.3.1)
      oauth2 (~> 1.0)
      omniauth (~> 1.2)
    omniauth-slack (2.3.0)
      omniauth-oauth2 (~> 1.3.1)
    pry (0.11.2)
      coderay (~> 1.1.0)
      method_source (~> 0.9.0)
    rack (2.0.3)
    rack-protection (2.0.0)
      rack
    sinatra (2.0.0)
      mustermann (~> 1.0)
      rack (~> 2.0)
      rack-protection (= 2.0.0)
      tilt (~> 2.0)
    sinatra-contrib (2.0.0)
      backports (>= 2.0)
      multi_json
      mustermann (~> 1.0)
      rack-protection (= 2.0.0)
      sinatra (= 2.0.0)
      tilt (>= 1.3, < 3)
    tilt (2.0.8)

PLATFORMS
  ruby

DEPENDENCIES
  mysql2
  mysql2-cs-bind
  omniauth
  omniauth-slack
  pry
  sinatra
  sinatra-contrib

BUNDLED WITH
   1.16.0.pre.2
